PATH
  remote: .
  specs:
    dtext_rb (1.12.8)

GEM
  remote: https://rubygems.org/
  specs:
    benchmark-ips (2.10.0)
    cgi (0.3.6)
    mini_portile2 (2.8.1)
    minitest (5.17.0)
    nokogiri (1.13.10)
      mini_portile2 (~> 2.8.0)
      racc (~> 1.4)
    racc (1.6.2)
    rake (13.0.6)
    rake-compiler (1.2.1)
      rake

PLATFORMS
  ruby

DEPENDENCIES
  benchmark-ips (~> 2.10)
  cgi (~> 0.3)
  dtext_rb!
  minitest (~> 5.15)
  nokogiri (~> 1)
  rake (~> 13)
  rake-compiler (~> 1.1)

BUNDLED WITH
   2.5.5
