PATH
  remote: .
  specs:
    dtext_rb (1.12.8)

GEM
  remote: https://rubygems.org/
  specs:
    benchmark-ips (2.13.0)
    cgi (0.4.1)
    minitest (5.22.3)
    rake (13.2.0)
    rake-compiler (1.2.7)
      rake

PLATFORMS
  ruby

DEPENDENCIES
  benchmark-ips (~> 2.10)
  cgi (~> 0.3)
  dtext_rb!
  minitest (~> 5.15)
  rake (~> 13)
  rake-compiler (~> 1.1)

BUNDLED WITH
   2.5.5
